GEM
  remote: https://rubygems.org/
  specs:
    coderay (1.1.2)
    method_source (0.9.0)
    pry (0.11.2)
      coderay (~> 1.1.0)
      method_source (~> 0.9.0)

PLATFORMS
  ruby

DEPENDENCIES
  pry (~> 0.11.2)

RUBY VERSION
   ruby 2.4.2p198

BUNDLED WITH
   1.15.4
